PATH
  remote: .
  specs:
    antmedia (0.1.0)
      faraday (~> 1.0)
      oj (~> 3.0)

GEM
  remote: https://rubygems.org/
  specs:
    diff-lcs (1.4.4)
    faraday (1.0.1)
      multipart-post (>= 1.2, < 3)
    multipart-post (2.1.1)
    oj (3.10.14)
    rake (10.5.0)
    rspec (3.9.0)
      rspec-core (~> 3.9.0)
      rspec-expectations (~> 3.9.0)
      rspec-mocks (~> 3.9.0)
    rspec-core (3.9.2)
      rspec-support (~> 3.9.3)
    rspec-expectations (3.9.2)
      diff-lcs (>= 1.2.0, < 2.0)
      rspec-support (~> 3.9.0)
    rspec-mocks (3.9.1)
      diff-lcs (>= 1.2.0, < 2.0)
      rspec-support (~> 3.9.0)
    rspec-support (3.9.3)
    vcr (6.0.0)

PLATFORMS
  ruby

DEPENDENCIES
  antmedia!
  bundler (~> 2.0)
  rake (~> 10.0)
  rspec (~> 3.0)
  vcr (~> 6.0)

BUNDLED WITH
   2.0.2
